GIT
  remote: https://github.com/mlibrary/turnsole
  revision: 2269a5acb6f46de3fdb4d3b72caf1afe6593778a
  ref: 2269a5acb6f46de3fdb4d3b72caf1afe6593778a
  specs:
    turnsole (0.1.0)
      faraday
      faraday_middleware

GEM
  remote: https://rubygems.org/
  specs:
    ast (2.4.2)
    diff-lcs (1.4.4)
    ethon (0.14.0)
      ffi (>= 1.15.0)
    faraday (0.17.4)
      multipart-post (>= 1.2, < 3)
    faraday_middleware (0.14.0)
      faraday (>= 0.7.4, < 1.0)
    ffi (1.15.3)
    keycard (0.3.4)
      sequel
    lisbn (0.3.1)
      nokogiri
      nori (~> 2.0)
    mini_portile2 (2.8.0)
    multipart-post (2.1.1)
    nokogiri (1.13.9)
      mini_portile2 (~> 2.8.0)
      racc (~> 1.4)
    nori (2.6.0)
    parallel (1.20.1)
    parser (3.0.2.0)
      ast (~> 2.4.1)
    racc (1.6.0)
    rainbow (3.0.0)
    regexp_parser (2.1.1)
    rexml (3.2.5)
    rspec (3.10.0)
      rspec-core (~> 3.10.0)
      rspec-expectations (~> 3.10.0)
      rspec-mocks (~> 3.10.0)
    rspec-core (3.10.1)
      rspec-support (~> 3.10.0)
    rspec-expectations (3.10.1)
      diff-lcs (>= 1.2.0, < 2.0)
      rspec-support (~> 3.10.0)
    rspec-mocks (3.10.2)
      diff-lcs (>= 1.2.0, < 2.0)
      rspec-support (~> 3.10.0)
    rspec-support (3.10.2)
    rubocop (1.20.0)
      parallel (~> 1.10)
      parser (>= 3.0.0.0)
      rainbow (>= 2.2.2, < 4.0)
      regexp_parser (>= 1.8, < 3.0)
      rexml
      rubocop-ast (>= 1.9.1, < 2.0)
      ruby-progressbar (~> 1.7)
      unicode-display_width (>= 1.4.0, < 3.0)
    rubocop-ast (1.11.0)
      parser (>= 3.0.1.1)
    rubocop-rspec (2.4.0)
      rubocop (~> 1.0)
      rubocop-ast (>= 1.1.0)
    ruby-progressbar (1.11.0)
    sequel (5.47.0)
    slop (4.9.1)
    typhoeus (1.4.0)
      ethon (>= 0.9.0)
    unicode-display_width (2.0.0)

PLATFORMS
  ruby

DEPENDENCIES
  faraday (~> 0.15)
  faraday_middleware (~> 0.12)
  keycard (~> 0.2)
  lisbn
  rspec (~> 3.0)
  rubocop (~> 1.20)
  rubocop-rspec (~> 2.4)
  slop (~> 4.6)
  turnsole!
  typhoeus (~> 1.3)

BUNDLED WITH
   2.2.26
